GIT
  remote: git://github.com/alf-tool/alf-core.git
  revision: 1f1dd20438f946af7e1460238a4d5773ccab01ad
  specs:
    alf-core (0.15.0)
      domain (~> 1.0)
      myrrha (~> 3.0)
      path (~> 1.3)
      sexpr (~> 0.6.0)

GIT
  remote: git://github.com/alf-tool/alf-shell.git
  revision: 47b12c33898740a7f3f6ae9fb6499d9bd679965f
  specs:
    alf-shell (0.15.0)
      alf-core (~> 0.15.0)
      quickl (~> 0.4.3)

GIT
  remote: git://github.com/alf-tool/alf-test.git
  revision: d83036f523fe39109f2e5d4484cdf383542082dc
  specs:
    alf-test (0.15.0)
      alf-core (~> 0.15.0)
      path (~> 1.3)

GEM
  remote: http://rubygems.org/
  specs:
    awesome_print (1.2.0)
    diff-lcs (1.2.4)
    domain (1.0.0)
    myrrha (3.0.0)
      domain (~> 1.0)
    path (1.3.3)
    quickl (0.4.3)
    rake (10.1.0)
    rspec (2.14.1)
      rspec-core (~> 2.14.0)
      rspec-expectations (~> 2.14.0)
      rspec-mocks (~> 2.14.0)
    rspec-core (2.14.5)
    rspec-expectations (2.14.3)
      diff-lcs (>= 1.1.3, < 2.0)
    rspec-mocks (2.14.3)
    sexpr (0.6.0)

PLATFORMS
  ruby

DEPENDENCIES
  alf-core!
  alf-shell!
  alf-test!
  awesome_print
  rake (~> 10.1)
  rspec (~> 2.14)
  sexpr (~> 0.6.0)
