GIT
  remote: git://github.com/alf-tool/alf-core.git
  revision: d3488eac431276dfd8caec924ac7b92442c49dd9
  branch: compilable
  specs:
    alf-core (0.14.0)
      domain (~> 1.0)
      myrrha (~> 3.0)
      path (~> 1.3)
      sexpr (~> 0.6.0)

GIT
  remote: git://github.com/alf-tool/alf-shell.git
  revision: c1c18d4a54b766a9adbb22acdc955587c2dddec5
  specs:
    alf-shell (0.14.0)
      alf-core (~> 0.14.0)
      quickl (~> 0.4.3)

GIT
  remote: git://github.com/alf-tool/alf-test.git
  revision: 01d97ce8a854365019252d0cd5f8ce15e80fb9f0
  specs:
    alf-test (0.14.0)
      alf-core (~> 0.14.0)
      path (~> 1.3)

GEM
  remote: http://rubygems.org/
  specs:
    awesome_print (1.1.0)
    diff-lcs (1.2.4)
    domain (1.0.0)
    myrrha (3.0.0)
      domain (~> 1.0)
    path (1.3.3)
    quickl (0.4.3)
    rake (10.1.0)
    rspec (2.14.1)
      rspec-core (~> 2.14.0)
      rspec-expectations (~> 2.14.0)
      rspec-mocks (~> 2.14.0)
    rspec-core (2.14.5)
    rspec-expectations (2.14.2)
      diff-lcs (>= 1.1.3, < 2.0)
    rspec-mocks (2.14.3)
    sexpr (0.6.0)

PLATFORMS
  ruby

DEPENDENCIES
  alf-core!
  alf-shell!
  alf-test!
  awesome_print
  rake (~> 10.1)
  rspec (~> 2.14)
  sexpr (~> 0.6.0)
